GEM
  remote: https://rubygems.org/
  specs:
    backports (3.6.8)
    debase (0.2.2)
      debase-ruby_core_source (>= 0.10.2)
    debase-ruby_core_source (0.10.3)
    debugger-ruby_core_source (1.3.8)
    erubis (2.7.0)
    flamegraph (0.9.5)
    foreman (0.82.0)
      thor (~> 0.19.1)
    kgio (2.10.0)
    memory_profiler (0.9.12)
    multi_json (1.12.1)
    mysql2 (0.4.4)
    mysql2-cs-bind (0.0.6)
      mysql2
    rack (1.6.12)
    rack-lineprof (0.0.4)
      rack (>= 1.5)
      rblineprof (~> 0.3.6)
      term-ansicolor (~> 1.3)
    rack-mini-profiler (1.0.0)
      rack (>= 1.2.0)
    rack-protection (1.5.3)
      rack
    rack-test (0.6.3)
      rack (>= 1.0)
    raindrops (0.17.0)
    rake (12.3.1)
    rblineprof (0.3.7)
      debugger-ruby_core_source (~> 1.3)
    redis (3.3.5)
    ruby-debug-ide (0.6.1)
      rake (>= 0.8.1)
    sinatra (1.4.7)
      rack (~> 1.5)
      rack-protection (~> 1.4)
      tilt (>= 1.3, < 3)
    sinatra-contrib (1.4.7)
      backports (>= 2.0)
      multi_json
      rack-protection
      rack-test
      sinatra (~> 1.4.0)
      tilt (>= 1.3, < 3)
    stackprof (0.2.12)
    term-ansicolor (1.7.1)
      tins (~> 1.0)
    thor (0.19.1)
    tilt (2.0.5)
    tins (1.22.2)
    unicorn (5.1.0)
      kgio (~> 2.6)
      raindrops (~> 0.7)

PLATFORMS
  ruby

DEPENDENCIES
  debase
  erubis
  flamegraph
  foreman
  memory_profiler
  mysql2
  mysql2-cs-bind
  rack-lineprof
  rack-mini-profiler
  redis (~> 3.2, >= 3.2.1)
  ruby-debug-ide
  sinatra
  sinatra-contrib
  stackprof
  unicorn

RUBY VERSION
   ruby 2.3.1p112

BUNDLED WITH
   1.17.1
